GIT
  remote: git://github.com/jm/matchy.git
  revision: 1186158
  ref: 11861585c728be71382321221391b118d2106d88
  specs:
    matchy (0.1.0)

GEM
  remote: http://rubygems.org/
  specs:
    actionmailer (2.3.10)
      actionpack (= 2.3.10)
    actionpack (2.3.10)
      activesupport (= 2.3.10)
      rack (~> 1.1.0)
    activerecord (2.3.10)
      activesupport (= 2.3.10)
    activeresource (2.3.10)
      activesupport (= 2.3.10)
    activesupport (2.3.10)
    builder (3.0.0)
    cap_gun (0.2.4)
      actionmailer
      activesupport
    capistrano (2.5.19)
      highline
      net-scp (>= 1.0.0)
      net-sftp (>= 2.0.0)
      net-ssh (>= 2.0.14)
      net-ssh-gateway (>= 1.0.0)
    capybara (0.4.1.1)
      celerity (>= 0.7.9)
      culerity (>= 0.2.4)
      mime-types (>= 1.16)
      nokogiri (>= 1.3.3)
      rack (>= 1.0.0)
      rack-test (>= 0.5.4)
      selenium-webdriver (>= 0.0.27)
      xpath (~> 0.1.3)
    celerity (0.8.7)
    childprocess (0.1.6)
      ffi (~> 0.6.3)
    chronic (0.2.3)
      hoe (>= 1.2.1)
    cucumber (0.10.0)
      builder (>= 2.1.2)
      diff-lcs (~> 1.1.2)
      gherkin (~> 2.3.2)
      json (~> 1.4.6)
      term-ansicolor (~> 1.0.5)
    cucumber-rails (0.3.2)
      cucumber (>= 0.8.0)
    culerity (0.2.15)
    database_cleaner (0.6.2)
    diff-lcs (1.1.2)
    english (0.3.1)
    faker (0.3.1)
    ffi (0.6.3)
      rake (>= 0.8.7)
    gherkin (2.3.3)
      json (~> 1.4.6)
    haml (2.0.9)
    highline (1.5.2)
    hoe (2.6.1)
      rake (>= 0.8.7)
      rubyforge (>= 2.0.4)
    json (1.4.6)
    json_pure (1.4.6)
    machinist (1.0.3)
    mime-types (1.16)
    net-scp (1.0.3)
      net-ssh (>= 1.99.1)
    net-sftp (2.0.5)
      net-ssh (>= 2.0.9)
    net-ssh (2.0.23)
    net-ssh-gateway (1.0.1)
      net-ssh (>= 1.99.1)
    nokogiri (1.4.4)
    paperclip (2.2.8)
      right_aws
    pg (0.10.1)
    prawn (0.8.4)
      prawn-core (>= 0.8.4, < 0.9)
      prawn-layout (>= 0.8.4, < 0.9)
      prawn-security (>= 0.8.4, < 0.9)
    prawn-core (0.8.4)
    prawn-layout (0.8.4)
    prawn-security (0.8.4)
    prawnto (0.0.1)
      prawn
      rails (>= 2.1)
    rack (1.1.0)
    rack-test (0.5.7)
      rack (>= 1.0)
    rails (2.3.10)
      actionmailer (= 2.3.10)
      actionpack (= 2.3.10)
      activerecord (= 2.3.10)
      activeresource (= 2.3.10)
      activesupport (= 2.3.10)
      rake (>= 0.8.3)
    rake (0.8.7)
    redgreen (1.2.2)
    right_aws (2.0.0)
      right_http_connection (>= 1.2.1)
    right_http_connection (1.2.4)
    rubyforge (2.0.4)
      json_pure (>= 1.1.7)
    rubyzip (0.9.4)
    selenium-webdriver (0.1.2)
      childprocess (~> 0.1.5)
      ffi (~> 0.6.3)
      json_pure
      rubyzip
    shoulda (2.10.2)
    term-ansicolor (1.0.5)
    xpath (0.1.3)
      nokogiri (~> 1.3)

PLATFORMS
  ruby

DEPENDENCIES
  cap_gun
  capistrano
  capybara
  chronic
  cucumber-rails
  database_cleaner
  english
  faker
  haml
  highline
  machinist
  matchy!
  paperclip
  pg
  prawn
  prawnto
  rails
  redgreen
  shoulda
