GIT
  remote: git://github.com/jm/matchy.git
  revision: 1186158
  ref: 11861585c728be71382321221391b118d2106d88
  specs:
    matchy (0.1.0)

GEM
  remote: http://rubygems.org/
  specs:
    actionmailer (2.3.8)
      actionpack (= 2.3.8)
    actionpack (2.3.8)
      activesupport (= 2.3.8)
      rack (~> 1.1.0)
    activerecord (2.3.8)
      activesupport (= 2.3.8)
    activeresource (2.3.8)
      activesupport (= 2.3.8)
    activesupport (2.3.8)
    builder (2.1.2)
    cap_gun (0.2.4)
      actionmailer
      activesupport
    capistrano (2.5.19)
      highline
      net-scp (>= 1.0.0)
      net-sftp (>= 2.0.0)
      net-ssh (>= 2.0.14)
      net-ssh-gateway (>= 1.0.0)
    chronic (0.2.3)
      hoe (>= 1.2.1)
    cucumber (0.4.4)
      builder (= 2.1.2)
      diff-lcs (= 1.1.2)
      polyglot (= 0.2.9)
      term-ansicolor (= 1.0.4)
      treetop (= 1.4.2)
    diff-lcs (1.1.2)
    english (0.3.1)
    faker (0.3.1)
    haml (2.0.9)
    highline (1.5.2)
    hoe (2.6.1)
      rake (>= 0.8.7)
      rubyforge (>= 2.0.4)
    json_pure (1.4.6)
    machinist (1.0.3)
    mysql (2.8.1)
    net-scp (1.0.3)
      net-ssh (>= 1.99.1)
    net-sftp (2.0.5)
      net-ssh (>= 2.0.9)
    net-ssh (2.0.23)
    net-ssh-gateway (1.0.1)
      net-ssh (>= 1.99.1)
    nokogiri (1.4.3.1)
    paperclip (2.2.8)
      right_aws
    polyglot (0.2.9)
    prawn (0.4.1)
      prawn-layout
    prawn-layout (0.1.0)
    rack (1.1.0)
    rack-test (0.5.4)
      rack (>= 1.0)
    rails (2.3.8)
      actionmailer (= 2.3.8)
      actionpack (= 2.3.8)
      activerecord (= 2.3.8)
      activeresource (= 2.3.8)
      activesupport (= 2.3.8)
      rake (>= 0.8.3)
    rake (0.8.7)
    redgreen (1.2.2)
    right_aws (2.0.0)
      right_http_connection (>= 1.2.1)
    right_http_connection (1.2.4)
    rubyforge (2.0.4)
      json_pure (>= 1.1.7)
    selenium-client (1.2.18)
    selenium-rc (2.2.4)
      selenium-client (>= 1.2.18)
    shoulda (2.10.2)
    term-ansicolor (1.0.4)
    treetop (1.4.2)
      polyglot (>= 0.2.5)
    webrat (0.7.1)
      nokogiri (>= 1.2.0)
      rack (>= 1.0)
      rack-test (>= 0.5.3)

PLATFORMS
  ruby

DEPENDENCIES
  cap_gun (= 0.2.4)
  capistrano (= 2.5.19)
  chronic (= 0.2.3)
  cucumber (= 0.4.4)
  english (= 0.3.1)
  faker (= 0.3.1)
  haml (= 2.0.9)
  highline (= 1.5.2)
  machinist (= 1.0.3)
  matchy!
  mysql (= 2.8.1)
  paperclip (= 2.2.8)
  prawn (= 0.4.1)
  prawn-layout (= 0.1.0)
  rails (= 2.3.8)
  redgreen (= 1.2.2)
  selenium-client (= 1.2.18)
  selenium-rc (= 2.2.4)
  shoulda (= 2.10.2)
  webrat (= 0.7.1)
